GEM
  remote: http://rubygems.org/
  specs:
    directory_watcher (1.4.1)
    iobuffer (1.1.2)
    rake (0.9.2)
    rev (0.3.2)
      iobuffer (>= 0.1.3)

PLATFORMS
  ruby

DEPENDENCIES
  directory_watcher
  rake
  rev
